GEM
  remote: https://rubygems.org/
  specs:
    rb-fsevent (0.9.7)
    sass (3.4.22)

PLATFORMS
  ruby

DEPENDENCIES
  rb-fsevent
  sass

BUNDLED WITH
   1.11.2
